GIT
  remote: git://github.com/platanus/negroku.git
  revision: 97f6c3c66bb6f29049375738da45d74b53c4a9eb
  branch: v2
  specs:
    negroku (2.0.0.pre1)
      capistrano (= 3.2.1)
      capistrano-bower (= 1.0.0)
      capistrano-bundler (= 1.1.2)
      capistrano-grunt (= 0.0.4)
      capistrano-nc (= 0.1.3)
      capistrano-nodenv (= 1.0.0)
      capistrano-npm (= 1.0.0)
      capistrano-rails (= 1.1.1)
      capistrano-rbenv (= 2.0.2)
      capistrano3-nginx (= 2.0.2)
      capistrano3-unicorn (= 0.1.1)
      gli (= 2.9.0)
      highline (= 1.6.20)
      rainbow (= 2.0.0)

GEM
  remote: http://rubygems.org/
  specs:
    capistrano (3.2.1)
      i18n
      rake (>= 10.0.0)
      sshkit (~> 1.3)
    capistrano-bower (1.0.0)
      capistrano (~> 3.0)
    capistrano-bundler (1.1.2)
      capistrano (~> 3.0)
      sshkit (~> 1.2)
    capistrano-grunt (0.0.4)
      capistrano (>= 3.0.0.pre)
    capistrano-nc (0.1.3)
      capistrano (~> 3.0)
      terminal-notifier (~> 1.5.1)
    capistrano-nodenv (1.0.0)
      capistrano (~> 3.1)
      sshkit (~> 1.3)
    capistrano-npm (1.0.0)
      capistrano (>= 3.0.0.pre)
    capistrano-rails (1.1.1)
      capistrano (~> 3.1)
      capistrano-bundler (~> 1.1)
    capistrano-rbenv (2.0.2)
      capistrano (~> 3.1)
      sshkit (~> 1.3)
    capistrano3-nginx (2.0.2)
      capistrano (>= 3.0.0)
    capistrano3-unicorn (0.1.1)
      capistrano (>= 3.1.0)
    celluloid (0.15.2)
      timers (~> 1.1.0)
    celluloid-io (0.15.0)
      celluloid (>= 0.15.0)
      nio4r (>= 0.5.0)
    colorize (0.7.3)
    eye (0.6.2)
      celluloid (~> 0.15.0)
      celluloid-io (~> 0.15.0)
      sigar (~> 0.7.2)
      state_machine
      thor
    gli (2.9.0)
    highline (1.6.20)
    i18n (0.6.11)
    net-scp (1.2.1)
      net-ssh (>= 2.6.5)
    net-ssh (2.9.1)
    nio4r (1.0.1)
    rainbow (2.0.0)
    rake (10.3.2)
    sigar (0.7.2)
    sshkit (1.5.1)
      colorize
      net-scp (>= 1.1.2)
      net-ssh (>= 2.8.0)
    state_machine (1.2.0)
    terminal-notifier (1.5.2)
    thor (0.19.1)
    timers (1.1.0)

PLATFORMS
  ruby

DEPENDENCIES
  eye
  negroku!
